PATH
  remote: .
  specs:
    highwayhash (1.0.0)
      ffi (~> 1.9)

GEM
  remote: https://rubygems.org/
  specs:
    coderay (1.1.2)
    ffi (1.10.0)
    method_source (0.9.2)
    minitest (5.11.3)
    pry (0.12.2)
      coderay (~> 1.1.0)
      method_source (~> 0.9.0)
    rake (12.3.2)

PLATFORMS
  ruby

DEPENDENCIES
  highwayhash!
  minitest (~> 5)
  pry
  rake

BUNDLED WITH
   1.17.2
